PATH
  remote: .
  specs:
    vk-ruby (1.0.2)
      docopt (>= 0.5)
      faraday (>= 0.9)
      faraday_middleware (>= 0.9)
      highline (>= 1.6)
      multi_json (~> 1.11)

GEM
  remote: http://rubygems.org/
  specs:
    addressable (2.3.6)
    coderay (1.1.0)
    cookiejar (0.3.2)
    crack (0.4.2)
      safe_yaml (~> 1.0.0)
    diff-lcs (1.2.5)
    docopt (0.5.0)
    em-http-request (1.1.2)
      addressable (>= 2.3.4)
      cookiejar
      em-socksify (>= 0.3)
      eventmachine (>= 1.0.3)
      http_parser.rb (>= 0.6.0)
    em-socksify (0.3.0)
      eventmachine (>= 1.0.0.beta.4)
    em-synchrony (1.0.3)
      eventmachine (>= 1.0.0.beta.1)
    ethon (0.7.0)
      ffi (>= 1.3.0)
    eventmachine (1.0.3)
    faraday (0.9.2)
      multipart-post (>= 1.2, < 3)
    faraday_middleware (0.10.0)
      faraday (>= 0.7.4, < 0.10)
    ffi (1.9.3)
    github-markup (1.2.1)
      posix-spawn (~> 0.3.8)
    highline (1.7.8)
    http_parser.rb (0.6.0)
    json_pure (1.8.1)
    method_source (0.8.2)
    multi_json (1.11.2)
    multipart-post (2.0.0)
    net-http-persistent (2.9.4)
    oj (2.8.1)
    patron (0.4.18)
    posix-spawn (0.3.9)
    pry (0.9.12.6)
      coderay (~> 1.0)
      method_source (~> 0.8)
      slop (~> 3.4)
    rake (10.3.1)
    redcarpet (3.1.2)
    rspec (2.14.1)
      rspec-core (~> 2.14.0)
      rspec-expectations (~> 2.14.0)
      rspec-mocks (~> 2.14.0)
    rspec-core (2.14.8)
    rspec-expectations (2.14.5)
      diff-lcs (>= 1.1.3, < 2.0)
    rspec-mocks (2.14.6)
    safe_yaml (1.0.3)
    slop (3.5.0)
    typhoeus (0.6.8)
      ethon (>= 0.7.0)
    webmock (1.17.4)
      addressable (>= 2.2.7)
      crack (>= 0.3.2)
    yajl-ruby (1.2.0)
    yard (0.8.7.6)

PLATFORMS
  ruby

DEPENDENCIES
  em-http-request (>= 1.1)
  em-synchrony (>= 1.0)
  eventmachine (>= 1.0)
  github-markup (>= 1.2)
  json_pure (>= 1.8)
  net-http-persistent (>= 2.9)
  oj (>= 2.8)
  patron (>= 0.4)
  pry (>= 0.9)
  rake (>= 10.3)
  redcarpet (>= 3.1)
  rspec (>= 2.14)
  typhoeus (>= 0.6)
  vk-ruby!
  webmock (>= 1.17)
  yajl-ruby (>= 1.2)
  yard (>= 0.8)
